PATH
  remote: .
  specs:
    ruby-openai (6.3.1)
      event_stream_parser (>= 0.3.0, < 2.0.0)
      faraday (>= 1)
      faraday-multipart (>= 1)

GEM
  remote: https://rubygems.org/
  specs:
    addressable (2.8.5)
      public_suffix (>= 2.0.2, < 6.0)
    ast (2.4.2)
    base64 (0.2.0)
    byebug (11.1.3)
    crack (0.4.5)
      rexml
    diff-lcs (1.5.0)
    dotenv (2.8.1)
    event_stream_parser (1.0.0)
    faraday (2.7.12)
      base64
      faraday-net_http (>= 2.0, < 3.1)
      ruby2_keywords (>= 0.0.4)
    faraday-multipart (1.0.4)
      multipart-post (~> 2)
    faraday-net_http (3.0.2)
    hashdiff (1.0.1)
    json (2.6.3)
    multipart-post (2.3.0)
    parallel (1.22.1)
    parser (3.2.2.0)
      ast (~> 2.4.1)
    public_suffix (5.0.3)
    rainbow (3.1.1)
    rake (13.1.0)
    regexp_parser (2.8.0)
    rexml (3.2.6)
    rspec (3.12.0)
      rspec-core (~> 3.12.0)
      rspec-expectations (~> 3.12.0)
      rspec-mocks (~> 3.12.0)
    rspec-core (3.12.0)
      rspec-support (~> 3.12.0)
    rspec-expectations (3.12.2)
      diff-lcs (>= 1.2.0, < 2.0)
      rspec-support (~> 3.12.0)
    rspec-mocks (3.12.3)
      diff-lcs (>= 1.2.0, < 2.0)
      rspec-support (~> 3.12.0)
    rspec-support (3.12.0)
    rubocop (1.50.2)
      json (~> 2.3)
      parallel (~> 1.10)
      parser (>= 3.2.0.0)
      rainbow (>= 2.2.2, < 4.0)
      regexp_parser (>= 1.8, < 3.0)
      rexml (>= 3.2.5, < 4.0)
      rubocop-ast (>= 1.28.0, < 2.0)
      ruby-progressbar (~> 1.7)
      unicode-display_width (>= 2.4.0, < 3.0)
    rubocop-ast (1.28.0)
      parser (>= 3.2.1.0)
    ruby-progressbar (1.13.0)
    ruby2_keywords (0.0.5)
    unicode-display_width (2.4.2)
    vcr (6.1.0)
    webmock (3.19.1)
      addressable (>= 2.8.0)
      crack (>= 0.3.2)
      hashdiff (>= 0.4.0, < 2.0.0)

PLATFORMS
  ruby

DEPENDENCIES
  byebug (~> 11.1.3)
  dotenv (~> 2.8.1)
  rake (~> 13.1)
  rspec (~> 3.12)
  rubocop (~> 1.50.2)
  ruby-openai!
  vcr (~> 6.1.0)
  webmock (~> 3.19.1)

BUNDLED WITH
   2.4.5
